GEM
  remote: https://rubygems.org/
  specs:
    concurrent-ruby (1.0.5)
    daemons (1.2.3)
    eventmachine (1.2.0.1)
    execjs (2.7.0)
    json (2.0.3)
    rack (1.6.4)
    rack-protection (1.5.3)
      rack
    sass (3.4.23)
    sinatra (1.4.7)
      rack (~> 1.5)
      rack-protection (~> 1.4)
      tilt (>= 1.3, < 3)
    sprockets (3.7.1)
      concurrent-ruby (~> 1.0)
      rack (> 1, < 3)
    thin (1.7.0)
      daemons (~> 1.0, >= 1.0.9)
      eventmachine (~> 1.0, >= 1.0.4)
      rack (>= 1, < 3)
    tilt (2.0.5)
    uglifier (3.0.0)
      execjs (>= 0.3.0, < 3)

PLATFORMS
  ruby

DEPENDENCIES
  execjs
  json
  sass
  sinatra
  sprockets
  thin
  uglifier

BUNDLED WITH
   1.14.6
